GIT
  remote: https://github.com/TheStranjer/colorize/
  revision: 7126aaace7ce9d17892e1f2e841ddd0da3fc7e3c
  branch: support_nonstrings
  specs:
    colorize (0.8.1)

GIT
  remote: https://github.com/TheStranjer/syndesmos/
  revision: 5302387af5cd73c1dbc1c19ab8a16567fb57603c
  branch: akro
  specs:
    syndesmos (0.1.1)

GEM
  remote: https://rubygems.org/
  specs:
    crass (1.0.6)
    feedjira (3.1.2)
      loofah (>= 2.3.1)
      sax-machine (>= 1.0)
    loofah (2.9.0)
      crass (~> 1.0.2)
      nokogiri (>= 1.5.9)
    nokogiri (1.11.2-x86_64-linux)
      racc (~> 1.4)
    racc (1.5.2)
    sax-machine (1.3.2)

PLATFORMS
  x86_64-linux

DEPENDENCIES
  colorize!
  feedjira
  syndesmos!

BUNDLED WITH
   2.2.3
