GIT
  remote: https://github.com/TheStranjer/colorize/
  revision: 7126aaace7ce9d17892e1f2e841ddd0da3fc7e3c
  branch: support_nonstrings
  specs:
    colorize (0.8.1)

GEM
  remote: https://rubygems.org/
  specs:
    rexml (3.2.4)
    rss (0.2.9)
      rexml

PLATFORMS
  x86_64-linux

DEPENDENCIES
  colorize!
  rss

BUNDLED WITH
   2.2.3
